GEM
  remote: https://rubygems.org/
  specs:
    mini_portile2 (2.4.0)
    minitest (5.11.3)
    mustermann (1.0.3)
    nokogiri (1.10.8)
      mini_portile2 (~> 2.4.0)
    nori (2.6.0)
    rack (2.0.8)
    rack-parser (0.7.0)
      rack
    rack-protection (2.0.5)
      rack
    rack-test (1.1.0)
      rack (>= 1.0, < 3)
    rake (13.0.1)
    sinatra (2.0.5)
      mustermann (~> 1.0)
      rack (~> 2.0)
      rack-protection (= 2.0.5)
      tilt (~> 2.0)
    tilt (2.0.9)

PLATFORMS
  ruby

DEPENDENCIES
  minitest
  nokogiri
  nori
  rack-parser
  rack-test
  rake
  sinatra

BUNDLED WITH
   1.17.3
