NUGET
  remote: https://www.nuget.org/api/v2
  specs:
    Aether (6.0)
    Arachne.Core (2.3.23)
      FParsec (>= 1.0.1)
      FSharp.Core (>= 3.1.2.1)
    Arachne.Http (2.3.23)
      Arachne.Core (>= 2.3.23)
      Arachne.Language (>= 2.3.23)
      Arachne.Uri (>= 2.3.23)
      FParsec (>= 1.0.1)
      FSharp.Core (>= 3.1.2.1)
    Arachne.Http.Cors (2.3.23)
      Arachne.Core (>= 2.3.23)
      Arachne.Http (>= 2.3.23)
      Arachne.Uri (>= 2.3.23)
      FParsec (>= 1.0.1)
      FSharp.Core (>= 3.1.2.1)
    Arachne.Language (2.3.23)
      Arachne.Core (>= 2.3.23)
      FParsec (>= 1.0.1)
      FSharp.Core (>= 3.1.2.1)
    Arachne.Uri (2.3.23)
      Arachne.Core (>= 2.3.23)
      FParsec (>= 1.0.1)
      FSharp.Core (>= 3.1.2.1)
    Arachne.Uri.Template (2.3.23)
      Arachne.Core (>= 2.3.23)
      Arachne.Uri (>= 2.3.23)
      FParsec (>= 1.0.1)
      FSharp.Core (>= 3.1.2.1)
    Chiron (4.1.0)
      Aether (>= 6.0.0)
      FParsec (>= 1.0.1)
      FSharp.Core (>= 3.1.2.1)
    FAKE (4.1.3)
    FluentAssertions (3.5.0)
    FParsec (1.0.1)
    Freya (2.0.194)
      Freya.Core (>= 2.0.194)
      Freya.Lenses.Http (>= 2.0.194)
      Freya.Lenses.Http.Cors (>= 2.0.194)
      Freya.Machine (>= 2.0.194)
      Freya.Machine.Extensions.Http (>= 2.0.194)
      Freya.Machine.Extensions.Http.Cors (>= 2.0.194)
      Freya.Machine.Router (>= 2.0.194)
      Freya.Recorder (>= 2.0.194)
      Freya.Router (>= 2.0.194)
    Freya.Core (2.0.194)
      Aether (>= 6.0)
      FSharp.Core (>= 3.1.2.1)
    Freya.Lenses.Http (2.0.194)
      Aether (>= 6.0)
      Arachne.Http (>= 2.2.13)
      FSharp.Core (>= 3.1.2.1)
      Freya.Core (>= 2.0.194)
    Freya.Lenses.Http.Cors (2.0.194)
      Aether (>= 6.0)
      Arachne.Http.Cors (>= 2.2.13)
      FSharp.Core (>= 3.1.2.1)
      Freya.Core (>= 2.0.194)
      Freya.Lenses.Http (>= 2.0.194)
    Freya.Machine (2.0.194)
      Aether (>= 6.0)
      Chiron (>= 4.1.0)
      FSharp.Core (>= 3.1.2.1)
      Freya.Core (>= 2.0.194)
      Freya.Recorder (>= 2.0.194)
      Hekate (>= 1.0.0)
    Freya.Machine.Extensions.Http (2.0.194)
      Aether (>= 6.0)
      Arachne.Http (>= 2.2.13)
      FSharp.Core (>= 3.1.2.1)
      Freya.Core (>= 2.0.194)
      Freya.Lenses.Http (>= 2.0.194)
      Freya.Machine (>= 2.0.194)
    Freya.Machine.Extensions.Http.Cors (2.0.194)
      Aether (>= 6.0)
      Arachne.Http.Cors (>= 2.2.13)
      FSharp.Core (>= 3.1.2.1)
      Freya.Core (>= 2.0.194)
      Freya.Lenses.Http (>= 2.0.194)
      Freya.Lenses.Http.Cors (>= 2.0.194)
      Freya.Machine (>= 2.0.194)
      Freya.Machine.Extensions.Http (>= 2.0.194)
    Freya.Machine.Router (2.0.194)
      FSharp.Core (>= 3.1.2.1)
      Freya.Core (>= 2.0.194)
      Freya.Machine (>= 2.0.194)
      Freya.Router (>= 2.0.194)
    Freya.Recorder (2.0.194)
      Aether (>= 6.0)
      Arachne.Core (>= 2.2.13)
      Chiron (>= 4.1.0)
      FSharp.Core (>= 3.1.2.1)
      Freya.Core (>= 2.0.194)
    Freya.Router (2.0.194)
      Aether (>= 6.0)
      Arachne.Http (>= 2.2.13)
      Arachne.Uri.Template (>= 2.2.13)
      Chiron (>= 4.1.0)
      FSharp.Core (>= 3.1.2.1)
      Freya.Core (>= 2.0.194)
      Freya.Lenses.Http (>= 2.0.194)
      Freya.Recorder (>= 2.0.194)
      Hekate (>= 1.0.0)
    FSharp.Control.AsyncSeq (2.0.1)
    FSharp.Core (4.0.0.1)
    FSharpx.Async (1.12.0)
      FSharp.Control.AsyncSeq
    FSharpx.Collections (1.12.1)
      FSharp.Core
    FSharpx.Extras (1.10.2)
      FSharpx.Async (>= 1.12)
      FSharpx.Collections (>= 1.10.1)
    FsUnit (1.3.1.0)
      NUnit (2.6.4)
    Hekate (1.0.0)
      Aether (>= 6.0.0)
      FSharp.Core (>= 3.1.2.1)
    Microsoft.Owin (3.0.1)
      Owin (>= 1.0)
    Microsoft.Owin.Diagnostics (3.0.1)
      Microsoft.Owin (>= 3.0.1)
      Owin (>= 1.0)
    Microsoft.Owin.Host.HttpListener (3.0.1)
    Microsoft.Owin.Hosting (3.0.1)
      Microsoft.Owin (>= 3.0.1)
      Owin (>= 1.0)
    Microsoft.Owin.SelfHost (3.0.1)
      Microsoft.Owin (>= 3.0.1)
      Microsoft.Owin.Diagnostics (>= 3.0.1)
      Microsoft.Owin.Host.HttpListener (>= 3.0.1)
      Microsoft.Owin.Hosting (>= 3.0.1)
      Owin (>= 1.0)
    NUnit (2.6.4)
    NUnit.Runners (2.6.4)
    Owin (1.0)
GITHUB
  remote: wallymathieu/Perch
  specs:
    lib/Enum.fs (460b603b8d1cc6225f0e1f83e154078c7f96d466)
    lib/Hash.fs (460b603b8d1cc6225f0e1f83e154078c7f96d466)
    lib/Xml.fs (460b603b8d1cc6225f0e1f83e154078c7f96d466)