NUGET
  remote: https://www.nuget.org/api/v2
  specs:
    FluentAssertions (3.5.0) - framework: >= net452
    FSharp.Core (3.1.2.5) - framework: >= net45
    FsPickler (1.2.5) - framework: >= net45
    FsUnit (1.3.1.0) - framework: >= net452
      NUnit (2.6.4)
    NUnit (2.6.4) - framework: >= net452
    NUnitTestAdapter (2.0.0)
    Suave (0.30.0) - framework: >= net45
      FSharp.Core (>= 3.1.2.1)
      FsPickler (>= 1.2.5)
