NUGET
  remote: https://www.nuget.org/api/v2
  specs:
    FAKE (4.1.3)
    FluentAssertions (3.5.0)
    FSharp.Core (4.0.0.1)
    FsPickler (1.3.2) - framework: >= net45
    FsUnit (1.3.1.0)
      NUnit (2.6.4)
    NUnit (2.6.4)
    NUnit.Runners (2.6.4)
    Suave (0.31.0) - framework: >= net45
      FSharp.Core (>= 4.0.0.1)
      FsPickler (>= 1.2.5)
GITHUB
  remote: wallymathieu/Perch
  specs:
    lib/Enum.fs (460b603b8d1cc6225f0e1f83e154078c7f96d466)
    lib/Hash.fs (460b603b8d1cc6225f0e1f83e154078c7f96d466)
    lib/Xml.fs (460b603b8d1cc6225f0e1f83e154078c7f96d466)